GEM
  specs:

PLATFORMS
  ruby
  x86_64-darwin-21

DEPENDENCIES

BUNDLED WITH
   2.7.1
